GEM
  remote: http://rubygems.org/
  specs:
    bcat (0.6.2)
      rack (~> 1.0)
    colorize (0.5.8)
    git (1.2.5)
    git-smart (0.1.7)
      colorize
    hashr (0.0.19)
    hpricot (0.8.6)
    mustache (0.99.4)
    rack (1.4.1)
    rdiscount (1.6.8)
    ronn (0.7.3)
      hpricot (>= 0.8.2)
      mustache (>= 0.7.0)
      rdiscount (>= 1.5.8)
    travis-lint (1.4.0)
      hashr (>= 0.0.19)

PLATFORMS
  ruby

DEPENDENCIES
  bcat
  git
  git-smart
  ronn
  travis-lint
