GEM
  remote: http://rubygems.org/
  specs:
    activesupport (3.2.2)
      i18n (~> 0.6)
      multi_json (~> 1.0)
    addressable (2.2.7)
    bcat (0.6.2)
      rack (~> 1.0)
    colorize (0.5.8)
    configuration (1.3.1)
    em-dir-watcher (0.9.4)
    em-websocket (0.3.6)
      addressable (>= 2.1.1)
      eventmachine (>= 0.12.9)
    eventmachine (0.12.10)
    git (1.2.5)
    git-smart (0.1.7)
      colorize
    github (0.6.2)
      highline (~> 1.5.1)
      json_pure (~> 1.5.1)
      launchy (~> 0.3.7)
      text-format (= 1.0.0)
      text-hyphen (= 1.0.0)
    growl (1.0.3)
    hashr (0.0.19)
    highline (1.5.2)
    hpricot (0.8.6)
    i18n (0.6.0)
    json (1.6.5)
    json_pure (1.5.4)
      spruz (~> 0.2.8)
    launchy (0.3.7)
      configuration (>= 0.0.5)
      rake (>= 0.8.1)
    livereload (1.6.1)
      em-dir-watcher (>= 0.1)
      em-websocket (>= 0.3.5)
      json (>= 1.5.3)
    multi_json (1.1.0)
    mustache (0.99.4)
    omglog (0.0.1)
    rack (1.4.1)
    rack-test (0.6.1)
      rack (>= 1.0)
    rake (0.9.2.2)
    rb-appscript (0.6.1)
    rb-fsevent (0.9.0)
    rdiscount (1.6.8)
    ronn (0.7.3)
      hpricot (>= 0.8.2)
      mustache (>= 0.7.0)
      rdiscount (>= 1.5.8)
    serve (1.5.1)
      activesupport (~> 3.0)
      i18n
      rack (~> 1.2)
      rack-test (~> 0.5)
      tilt (~> 1.3)
      tzinfo
    spruz (0.2.13)
    terminitor (0.6.1)
      github (~> 0.6.2)
      rb-appscript (~> 0.6.1)
      thor (~> 0.14.0)
    text-format (1.0.0)
      text-hyphen (~> 1.0.0)
    text-hyphen (1.0.0)
    thor (0.14.6)
    tilt (1.3.3)
    travis-lint (1.4.0)
      hashr (>= 0.0.19)
    tzinfo (0.3.32)

PLATFORMS
  ruby

DEPENDENCIES
  bcat
  git
  git-smart
  growl
  livereload
  omglog
  rb-fsevent
  ronn
  serve
  terminitor
  travis-lint
