GEM
  remote: http://rubygems.org/
  specs:
    addressable (2.2.5)
    configuration (1.2.0)
    em-dir-watcher (0.9.4)
    em-websocket (0.2.1)
      addressable (>= 2.1.1)
      eventmachine (>= 0.12.9)
    eventmachine (0.12.10)
    github (0.6.2)
      highline (~> 1.5.1)
      json_pure (~> 1.5.1)
      launchy (~> 0.3.7)
      text-format (= 1.0.0)
      text-hyphen (= 1.0.0)
    highline (1.5.2)
    json_pure (1.5.1)
    launchy (0.3.7)
      configuration (>= 0.0.5)
      rake (>= 0.8.1)
    livereload (1.6)
      em-dir-watcher (>= 0.1)
      em-websocket (>= 0.1.2)
      ruby-json (>= 1.1.2)
    rake (0.8.7)
    rb-appscript (0.6.1)
    ruby-json (1.1.2)
    terminitor (0.5.1)
      github (~> 0.6.2)
      rb-appscript (~> 0.6.1)
      thor (~> 0.14.0)
    text-format (1.0.0)
      text-hyphen (~> 1.0.0)
    text-hyphen (1.0.0)
    thor (0.14.6)

PLATFORMS
  ruby

DEPENDENCIES
  livereload
  terminitor
